GIT
  remote: https://github.com/cul/summon.git
  revision: 3638c2e6908c4bec749e688f794b6ebb058f4b16
  specs:
    summon (2.0.12)
      json

GEM
  remote: https://rubygems.org/
  specs:
    actionmailer (4.2.7.1)
      actionpack (= 4.2.7.1)
      actionview (= 4.2.7.1)
      activejob (= 4.2.7.1)
      mail (~> 2.5, >= 2.5.4)
      rails-dom-testing (~> 1.0, >= 1.0.5)
    actionpack (4.2.7.1)
      actionview (= 4.2.7.1)
      activesupport (= 4.2.7.1)
      rack (~> 1.6)
      rack-test (~> 0.6.2)
      rails-dom-testing (~> 1.0, >= 1.0.5)
      rails-html-sanitizer (~> 1.0, >= 1.0.2)
    actionview (4.2.7.1)
      activesupport (= 4.2.7.1)
      builder (~> 3.1)
      erubis (~> 2.7.0)
      rails-dom-testing (~> 1.0, >= 1.0.5)
      rails-html-sanitizer (~> 1.0, >= 1.0.2)
    activejob (4.2.7.1)
      activesupport (= 4.2.7.1)
      globalid (>= 0.3.0)
    activemodel (4.2.7.1)
      activesupport (= 4.2.7.1)
      builder (~> 3.1)
    activerecord (4.2.7.1)
      activemodel (= 4.2.7.1)
      activesupport (= 4.2.7.1)
      arel (~> 6.0)
    activerecord-session_store (1.0.0)
      actionpack (>= 4.0, < 5.1)
      activerecord (>= 4.0, < 5.1)
      multi_json (~> 1.11, >= 1.11.2)
      rack (>= 1.5.2, < 3)
      railties (>= 4.0, < 5.1)
    activesupport (4.2.7.1)
      i18n (~> 0.7)
      json (~> 1.7, >= 1.7.7)
      minitest (~> 5.1)
      thread_safe (~> 0.3, >= 0.3.4)
      tzinfo (~> 1.1)
    addressable (2.5.0)
      public_suffix (~> 2.0, >= 2.0.2)
    airbrussh (1.1.2)
      sshkit (>= 1.6.1, != 1.7.0)
    arel (6.0.3)
    autoprefixer-rails (6.7.1)
      execjs
    bcrypt (3.1.11)
    better_errors (2.1.1)
      coderay (>= 1.0.0)
      erubis (>= 2.6.6)
      rack (>= 0.9.0)
    binding_of_caller (0.7.2)
      debug_inspector (>= 0.0.1)
    blacklight (6.7.2)
      bootstrap-sass (~> 3.2)
      deprecation
      globalid
      kaminari (>= 0.15)
      nokogiri (~> 1.6)
      rails (>= 4.2, < 6)
      rsolr (>= 1.0.6, < 3)
      twitter-typeahead-rails (= 0.11.1.pre.corejavascript)
    blacklight-marc (6.1.1)
      blacklight (> 6.1, < 8.a)
      library_stdnums
      marc (>= 0.4.3, < 1.1)
      marc-fastxmlwriter
      rails
      traject (~> 2.1)
    blacklight_range_limit (6.0.0)
      blacklight (>= 6.0.0.pre2, < 7)
      jquery-rails
      rails (>= 3.0, < 5.0)
    bootstrap-sass (3.3.7)
      autoprefixer-rails (>= 5.2.1)
      sass (>= 3.3.4)
    builder (3.2.3)
    byebug (9.0.6)
    cancan (1.6.10)
    capistrano (3.7.2)
      airbrussh (>= 1.0.0)
      capistrano-harrow
      i18n
      rake (>= 10.0.0)
      sshkit (>= 1.9.0)
    capistrano-bundler (1.2.0)
      capistrano (~> 3.1)
      sshkit (~> 1.2)
    capistrano-harrow (0.5.3)
    capistrano-passenger (0.2.0)
      capistrano (~> 3.0)
    capistrano-rails (1.2.2)
      capistrano (~> 3.1)
      capistrano-bundler (~> 1.1)
    capistrano-rvm (0.1.2)
      capistrano (~> 3.0)
      sshkit (~> 1.2)
    capybara (2.7.1)
      addressable
      mime-types (>= 1.16)
      nokogiri (>= 1.3.3)
      rack (>= 1.0.0)
      rack-test (>= 0.5.4)
      xpath (~> 2.0)
    capybara-webkit (1.11.1)
      capybara (>= 2.3.0, < 2.8.0)
      json
    childprocess (0.5.9)
      ffi (~> 1.0, >= 1.0.11)
    codeclimate-test-reporter (0.6.0)
      simplecov (>= 0.7.1, < 1.0.0)
    coderay (1.1.1)
    coffee-rails (4.2.1)
      coffee-script (>= 2.2.0)
      railties (>= 4.0.0, < 5.2.x)
    coffee-script (2.4.1)
      coffee-script-source
      execjs
    coffee-script-source (1.12.2)
    concurrent-ruby (1.0.4)
    coveralls (0.8.15)
      json (>= 1.8, < 3)
      simplecov (~> 0.12.0)
      term-ansicolor (~> 1.3)
      thor (~> 0.19.1)
      tins (>= 1.6.0, < 2)
    crack (0.4.3)
      safe_yaml (~> 1.0.0)
    daemons (1.2.4)
    database_cleaner (1.5.3)
    debug_inspector (0.0.2)
    deprecation (1.0.0)
      activesupport
    devise (4.2.0)
      bcrypt (~> 3.0)
      orm_adapter (~> 0.1)
      railties (>= 4.1.0, < 5.1)
      responders
      warden (~> 1.2.3)
    devise-encryptable (0.2.0)
      devise (>= 2.1.0)
    devise_cas_authenticatable (1.9.2)
      devise (>= 1.2.0)
      rubycas-client (>= 2.2.1)
    diff-lcs (1.2.5)
    docile (1.1.5)
    domain_name (0.5.20160826)
      unf (>= 0.0.5, < 1.0.0)
    dot-properties (0.1.3)
    erubis (2.7.0)
    eventmachine (1.2.0.1)
    exception_notification (4.2.1)
      actionmailer (>= 4.0, < 6)
      activesupport (>= 4.0, < 6)
    execjs (2.7.0)
    factory_girl (4.7.0)
      activesupport (>= 3.0.0)
    factory_girl_rails (4.7.0)
      factory_girl (~> 4.7.0)
      railties (>= 3.0.0)
    ffi (1.9.14)
    globalid (0.3.7)
      activesupport (>= 4.1.0)
    gmaps4rails (2.1.2)
    haml (4.0.7)
      tilt
    hashdiff (0.3.0)
    hashie (3.4.6)
    http-cookie (1.0.3)
      domain_name (~> 0.5)
    httpclient (2.8.2.4)
    i18n (0.7.0)
    jquery-rails (4.1.1)
      rails-dom-testing (>= 1, < 3)
      railties (>= 4.2.0)
      thor (>= 0.14, < 2.0)
    jquery-ui-rails (5.0.5)
      railties (>= 3.2.16)
    json (1.8.6)
    kaminari (0.17.0)
      actionpack (>= 3.0.0)
      activesupport (>= 3.0.0)
    launchy (2.4.3)
      addressable (~> 2.3)
    library_stdnums (1.4.1)
    libv8 (3.16.14.15)
    loofah (2.0.3)
      nokogiri (>= 1.5.9)
    mail (2.6.4)
      mime-types (>= 1.16, < 4)
    marc (1.0.0)
      scrub_rb (>= 1.0.1, < 2)
      unf
    marc-fastxmlwriter (1.0.0)
      marc (~> 1.0)
    mime-types (3.1)
      mime-types-data (~> 3.2015)
    mime-types-data (3.2016.0521)
    mini_portile2 (2.1.0)
    minitest (5.10.1)
    multi_json (1.12.1)
    mysql2 (0.4.5)
    net-ldap (0.15.0)
    net-scp (1.2.1)
      net-ssh (>= 2.6.5)
    net-ssh (4.0.1)
    netrc (0.11.0)
    nokogiri (1.6.8.1)
      mini_portile2 (~> 2.1.0)
    orm_adapter (0.5.0)
    paper_trail (5.2.2)
      activerecord (>= 3.0, < 6.0)
      request_store (~> 1.1)
    public_suffix (2.0.5)
    quiet_assets (1.1.0)
      railties (>= 3.1, < 5.0)
    rack (1.6.5)
    rack-attack (5.0.1)
      rack
    rack-test (0.6.3)
      rack (>= 1.0)
    rack-utf8_sanitizer (1.3.2)
      rack (>= 1.0, < 3.0)
    rails (4.2.7.1)
      actionmailer (= 4.2.7.1)
      actionpack (= 4.2.7.1)
      actionview (= 4.2.7.1)
      activejob (= 4.2.7.1)
      activemodel (= 4.2.7.1)
      activerecord (= 4.2.7.1)
      activesupport (= 4.2.7.1)
      bundler (>= 1.3.0, < 2.0)
      railties (= 4.2.7.1)
      sprockets-rails
    rails-deprecated_sanitizer (1.0.3)
      activesupport (>= 4.2.0.alpha)
    rails-dom-testing (1.0.7)
      activesupport (>= 4.2.0.beta, < 5.0)
      nokogiri (~> 1.6.0)
      rails-deprecated_sanitizer (>= 1.0.1)
    rails-html-sanitizer (1.0.3)
      loofah (~> 2.0)
    railties (4.2.7.1)
      actionpack (= 4.2.7.1)
      activesupport (= 4.2.7.1)
      rake (>= 0.8.7)
      thor (>= 0.18.1, < 2.0)
    rake (12.0.0)
    rb-fsevent (0.9.7)
    recaptcha (3.3.0)
      json
    ref (2.0.0)
    request_store (1.3.1)
    responders (2.2.0)
      railties (>= 4.2.0, < 5.1)
    rest-client (2.0.0)
      http-cookie (>= 1.0.2, < 2.0)
      mime-types (>= 1.16, < 4.0)
      netrc (~> 0.8)
    rsolr (1.0.13)
      builder (>= 2.1.2)
    rspec (3.5.0)
      rspec-core (~> 3.5.0)
      rspec-expectations (~> 3.5.0)
      rspec-mocks (~> 3.5.0)
    rspec-activemodel-mocks (1.0.3)
      activemodel (>= 3.0)
      activesupport (>= 3.0)
      rspec-mocks (>= 2.99, < 4.0)
    rspec-collection_matchers (1.1.2)
      rspec-expectations (>= 2.99.0.beta1)
    rspec-core (3.5.4)
      rspec-support (~> 3.5.0)
    rspec-expectations (3.5.0)
      diff-lcs (>= 1.2.0, < 2.0)
      rspec-support (~> 3.5.0)
    rspec-mocks (3.5.0)
      diff-lcs (>= 1.2.0, < 2.0)
      rspec-support (~> 3.5.0)
    rspec-rails (3.5.2)
      actionpack (>= 3.0)
      activesupport (>= 3.0)
      railties (>= 3.0)
      rspec-core (~> 3.5.0)
      rspec-expectations (~> 3.5.0)
      rspec-mocks (~> 3.5.0)
      rspec-support (~> 3.5.0)
    rspec-solr (2.0.0)
      rspec (~> 3.0)
      rspec-collection_matchers
    rspec-support (3.5.0)
    rubycas-client (2.3.9)
      activesupport
    rubyzip (1.2.0)
    safe_yaml (1.0.4)
    sass (3.4.22)
    sass-rails (5.0.6)
      railties (>= 4.0.0, < 6)
      sass (~> 3.1)
      sprockets (>= 2.8, < 4.0)
      sprockets-rails (>= 2.0, < 4.0)
      tilt (>= 1.1, < 3)
    scrub_rb (1.0.1)
    selenium-webdriver (2.53.4)
      childprocess (~> 0.5)
      rubyzip (~> 1.0)
      websocket (~> 1.0)
    simplecov (0.12.0)
      docile (~> 1.1.0)
      json (>= 1.8, < 3)
      simplecov-html (~> 0.10.0)
    simplecov-html (0.10.0)
    slop (3.6.0)
    sprockets (3.7.1)
      concurrent-ruby (~> 1.0)
      rack (> 1, < 3)
    sprockets-rails (3.1.1)
      actionpack (>= 4.0)
      activesupport (>= 4.0)
      sprockets (>= 3.0.0)
    sqlite3 (1.3.12)
    sshkit (1.11.5)
      net-scp (>= 1.1.2)
      net-ssh (>= 2.8.0)
    stringex (2.6.1)
    term-ansicolor (1.4.0)
      tins (~> 1.0)
    therubyracer (0.12.2)
      libv8 (~> 3.16.14.0)
      ref
    thin (1.7.0)
      daemons (~> 1.0, >= 1.0.9)
      eventmachine (~> 1.0, >= 1.0.4)
      rack (>= 1, < 3)
    thor (0.19.4)
    thread_safe (0.3.5)
    tilt (2.0.6)
    tins (1.13.0)
    traject (2.3.2)
      concurrent-ruby (>= 0.8.0)
      dot-properties (>= 0.1.1)
      hashie (~> 3.1)
      httpclient (~> 2.5)
      marc (~> 1.0)
      marc-fastxmlwriter (~> 1.0)
      slop (>= 3.4.5, < 4.0)
      yell
    twitter-typeahead-rails (0.11.1.pre.corejavascript)
      actionpack (>= 3.1)
      jquery-rails
      railties (>= 3.1)
    tzinfo (1.2.2)
      thread_safe (~> 0.1)
    uglifier (3.0.4)
      execjs (>= 0.3.0, < 3)
    unf (0.1.4)
      unf_ext
    unf_ext (0.0.7.2)
    vcr (3.0.3)
    warden (1.2.7)
      rack (>= 1.0)
    webmock (2.1.0)
      addressable (>= 2.3.6)
      crack (>= 0.3.2)
      hashdiff
    websocket (1.2.3)
    xpath (2.0.0)
      nokogiri (~> 1.3)
    yell (2.0.7)

PLATFORMS
  ruby

DEPENDENCIES
  activerecord-session_store
  better_errors
  binding_of_caller
  blacklight (~> 6.7.0)
  blacklight-marc
  blacklight_range_limit
  bootstrap-sass
  byebug
  cancan
  capistrano (~> 3.0)
  capistrano-bundler
  capistrano-passenger
  capistrano-rails
  capistrano-rvm
  capybara
  capybara-webkit
  codeclimate-test-reporter
  coffee-rails
  coveralls
  database_cleaner
  devise
  devise-encryptable
  devise_cas_authenticatable
  exception_notification
  factory_girl_rails
  gmaps4rails
  haml
  httpclient
  jquery-rails
  jquery-ui-rails
  json
  kaminari
  launchy
  library_stdnums
  marc
  mysql2
  net-ldap
  nokogiri
  paper_trail
  quiet_assets
  rack
  rack-attack
  rack-utf8_sanitizer
  rails (~> 4.2)
  rake
  rb-fsevent
  recaptcha
  rest-client
  rsolr
  rspec-activemodel-mocks
  rspec-rails
  rspec-solr
  sass
  sass-rails
  selenium-webdriver
  simplecov
  sqlite3
  stringex
  summon!
  therubyracer
  thin
  traject
  uglifier
  vcr
  webmock

BUNDLED WITH
   1.13.6
